GEM
  remote: https://rubygems.org/
  specs:
    adsf (1.2.0)
      rack (>= 1.0.0)
    builder (3.2.2)
    colored (1.2)
    cri (2.7.0)
      colored (~> 1.2)
    haml (4.0.6)
      tilt
    mini_portile (0.6.2)
    nanoc (4.0.0b2)
      cri (~> 2.3)
    nokogiri (1.6.6.2)
      mini_portile (~> 0.6.0)
    rack (1.6.1)
    rainpress (1.0)
    redcarpet (3.2.3)
    rouge (1.9.0)
    tilt (2.0.1)

PLATFORMS
  ruby

DEPENDENCIES
  adsf
  builder
  haml
  nanoc (~> 4.0.0b2)
  nokogiri
  rainpress
  redcarpet
  rouge
