GEM
  remote: https://rubygems.org/
  specs:
    adsf (1.2.1)
      rack (>= 1.0.0)
    allison (2.0.3)
    builder (3.2.2)
    colored (1.2)
    concurrent-ruby (1.0.2)
    cri (2.7.0)
      colored (~> 1.2)
    echoe (4.6.6)
      allison (>= 2.0.3)
      rake (>= 0.9.2)
      rdoc (>= 2.5.11)
      rubyforge (>= 2.0.4)
    haml (4.0.7)
      tilt
    hamster (3.0.0)
      concurrent-ruby (~> 1.0)
    json (1.8.3)
    json_pure (2.0.2)
    mini_portile2 (2.1.0)
    nanoc (4.3.3)
      cri (~> 2.3)
      hamster (~> 3.0)
      ref (~> 2.0)
    nokogiri (1.6.8)
      mini_portile2 (~> 2.1.0)
      pkg-config (~> 1.1.7)
    pkg-config (1.1.7)
    rack (2.0.1)
    rainpress (1.0)
      echoe
    rake (11.3.0)
    rdoc (4.2.2)
      json (~> 1.4)
    redcarpet (3.3.4)
    ref (2.0.0)
    rouge (2.0.6)
    rubyforge (2.0.4)
      json_pure (>= 1.1.7)
    tilt (2.0.5)

PLATFORMS
  ruby

DEPENDENCIES
  adsf
  builder
  haml
  nanoc
  nokogiri
  rainpress
  redcarpet
  rouge

BUNDLED WITH
   1.13.1
