GEM
  remote: https://rubygems.org/
  specs:
    adsf (1.2.0)
      rack (>= 1.0.0)
    builder (3.2.2)
    colored (1.2)
    cri (2.7.0)
      colored (~> 1.2)
    haml (4.0.7)
      tilt
    mini_portile2 (2.0.0)
    nanoc (4.1.4)
      cri (~> 2.3)
    nokogiri (1.6.7.2)
      mini_portile2 (~> 2.0.0.rc2)
    rack (1.6.4)
    rainpress (1.0)
    redcarpet (3.3.4)
    rouge (1.10.1)
    tilt (2.0.2)

PLATFORMS
  ruby

DEPENDENCIES
  adsf
  builder
  haml
  nanoc (~> 4.1)
  nokogiri
  rainpress
  redcarpet
  rouge

BUNDLED WITH
   1.11.2
