GEM
  remote: https://rubygems.org/
  specs:
    adsf (1.1.1)
      rack (>= 1.0.0)
    colored (1.2)
    cri (2.3.0)
      colored (>= 1.2)
    haml (4.0.2)
      tilt
    kramdown (0.13.8)
    nanoc (3.6.3)
      cri (~> 2.3)
    rack (1.5.2)
    sass (3.2.7)
    tilt (1.4.1)

PLATFORMS
  ruby

DEPENDENCIES
  adsf
  haml (~> 4.0.2)
  kramdown
  nanoc (~> 3.6.3)
  sass (~> 3.2.7)
