GEM
  remote: https://rubygems.org/
  specs:
    addressable (2.6.0)
      public_suffix (>= 2.0.2, < 4.0)
    adsf (1.4.1)
      rack (>= 1.0.0, < 3.0.0)
    builder (3.2.3)
    colored (1.2)
    concurrent-ruby (1.1.4)
    cri (2.15.3)
      colored (~> 1.2)
    ddmemoize (1.0.0)
      ddmetrics (~> 1.0)
      ref (~> 2.0)
    ddmetrics (1.0.1)
    ddplugin (1.0.2)
    haml (5.0.4)
      temple (>= 0.8.0)
      tilt
    hamster (3.0.0)
      concurrent-ruby (~> 1.0)
    json_schema (0.20.1)
    mini_portile2 (2.4.0)
    nanoc (4.11.0)
      addressable (~> 2.5)
      cri (~> 2.15)
      ddmemoize (~> 1.0)
      ddmetrics (~> 1.0)
      ddplugin (~> 1.0)
      hamster (~> 3.0)
      json_schema (~> 0.19)
      parallel (~> 1.12)
      ref (~> 2.0)
      slow_enumerator_tools (~> 1.0)
      tomlrb (~> 1.2)
    nokogiri (1.10.1)
      mini_portile2 (~> 2.4.0)
    parallel (1.13.0)
    public_suffix (3.0.3)
    rack (2.0.6)
    rainpress (1.0.1)
    redcarpet (3.4.0)
    ref (2.0.0)
    rouge (3.3.0)
    slow_enumerator_tools (1.1.0)
    temple (0.8.0)
    tilt (2.0.9)
    tomlrb (1.2.8)

PLATFORMS
  ruby

DEPENDENCIES
  adsf
  builder
  haml
  nanoc
  nokogiri
  rainpress
  redcarpet
  rouge

BUNDLED WITH
   1.17.3
